GIT
  remote: git://github.com/kfprimm/nested_form
  revision: 7173a71f5325a2862f83543fe9e82a4ad606ff10
  specs:
    nested_form (0.1.1)

GEM
  remote: http://rubygems.org/
  specs:
    Ascii85 (1.0.1)
    actionmailer (3.2.1)
      actionpack (= 3.2.1)
      mail (~> 2.4.0)
    actionpack (3.2.1)
      activemodel (= 3.2.1)
      activesupport (= 3.2.1)
      builder (~> 3.0.0)
      erubis (~> 2.7.0)
      journey (~> 1.0.1)
      rack (~> 1.4.0)
      rack-cache (~> 1.1)
      rack-test (~> 0.6.1)
      sprockets (~> 2.1.2)
    activemodel (3.2.1)
      activesupport (= 3.2.1)
      builder (~> 3.0.0)
    activerecord (3.2.1)
      activemodel (= 3.2.1)
      activesupport (= 3.2.1)
      arel (~> 3.0.0)
      tzinfo (~> 0.3.29)
    activeresource (3.2.1)
      activemodel (= 3.2.1)
      activesupport (= 3.2.1)
    activesupport (3.2.1)
      i18n (~> 0.6)
      multi_json (~> 1.0)
    addressable (2.2.6)
    airbrake (3.0.9)
      activesupport
      builder
    ancestry (1.2.4)
      activerecord (>= 2.2.2)
    annotate (2.4.1.beta1)
    arel (3.0.0)
    attribute_normalizer (1.0.1)
    bcrypt-ruby (3.0.1)
    builder (3.0.0)
    cancan (1.6.7)
    chronic (0.6.7)
    chunky_png (1.2.5)
    compass (0.12.alpha.4)
      chunky_png (~> 1.2)
      fssm (>= 0.2.7)
      sass (~> 3.1)
    configliere (0.4.8)
      json
    curb (0.8.0)
    default_value_for (1.0.7)
    devise (2.0.0)
      bcrypt-ruby (~> 3.0)
      orm_adapter (~> 0.0.3)
      railties (~> 3.1)
      warden (~> 1.1)
    devise-russian (2.0.0)
    diff-lcs (1.1.3)
    el_vfs_client (0.2.2)
      configliere
      curb
      rails
    email_validator (1.3.0)
      activemodel
    erubis (2.7.0)
    escape (0.0.4)
    esp-auth (1.0.3)
      ancestry
      cancan
      compass (>= 0.12.alpha.4)
      curb
      default_value_for
      devise
      devise-russian
      formtastic
      has_enum
      has_scope
      has_searcher
      inherited_resources
      kaminari
      omniauth
      omniauth-oauth2
      progress_bar
      rails
      sass
      sass-rails
      sunspot_rails
      whenever
    esp-ckeditor (0.0.8)
      formtastic
      rails
    esp-commons (0.0.3)
      airbrake
      configliere
      rails
      russian
    execjs (1.3.0)
      multi_json (~> 1.0)
    fabrication (1.2.0)
    faraday (0.7.6)
      addressable (~> 2.2)
      multipart-post (~> 1.1)
      rack (~> 1.1)
    fattr (2.2.1)
    ffi (1.0.11)
    forgery (0.5.0)
    formtastic (2.0.2)
      rails (~> 3.0)
    fssm (0.2.8.1)
    guard (1.0.0)
      ffi (>= 0.5.0)
      thor (~> 0.14.6)
    guard-rspec (0.6.0)
      guard (>= 0.10.0)
    guard-spork (0.5.2)
      guard (>= 0.10.0)
      spork (>= 0.8.4)
    has_enum (0.10.0)
      rails (> 3.0.0)
    has_scope (0.5.1)
    has_searcher (0.0.11)
      rails
    hashie (1.2.0)
    highline (1.6.11)
    hike (1.2.1)
    hirb (0.6.0)
    i18n (0.6.0)
    inherited_resources (1.3.0)
      has_scope (~> 0.5.0)
      responders (~> 0.6.0)
    itslog (0.6.1)
    journey (1.0.1)
    jquery-rails (2.0.0)
      railties (>= 3.2.0.beta, < 5.0)
      thor (~> 0.14)
    json (1.6.5)
    kaminari (0.13.0)
      actionpack (>= 3.0.0)
      activesupport (>= 3.0.0)
      railties (>= 3.0.0)
    kgio (2.7.2)
    libnotify (0.7.2)
    libv8 (3.3.10.4)
    mail (2.4.1)
      i18n (>= 0.4.0)
      mime-types (~> 1.16)
      treetop (~> 1.4.8)
    mime-types (1.17.2)
    multi_json (1.0.4)
    multipart-post (1.1.4)
    nokogiri (1.5.0)
    oauth2 (0.5.2)
      faraday (~> 0.7)
      multi_json (~> 1.0)
    omniauth (1.0.2)
      hashie (~> 1.2)
      rack
    omniauth-oauth2 (1.0.0)
      oauth2 (~> 0.5.0)
      omniauth (~> 1.0)
    options (2.3.0)
      fattr
    orm_adapter (0.0.6)
    pdf-reader (1.0.0)
      Ascii85 (~> 1.0.0)
      ruby-rc4
    pg (0.12.2)
    polyglot (0.3.3)
    pr_geohash (1.0.0)
    prawn (1.0.0.rc1)
      pdf-reader (>= 0.9.0)
      ttfunk (~> 1.0.3)
    progress_bar (0.4.0)
      highline (~> 1.6.1)
      options (~> 2.3.0)
    rack (1.4.1)
    rack-cache (1.1)
      rack (>= 0.4)
    rack-ssl (1.3.2)
      rack
    rack-test (0.6.1)
      rack (>= 1.0)
    rails (3.2.1)
      actionmailer (= 3.2.1)
      actionpack (= 3.2.1)
      activerecord (= 3.2.1)
      activeresource (= 3.2.1)
      activesupport (= 3.2.1)
      bundler (~> 1.0)
      railties (= 3.2.1)
    railties (3.2.1)
      actionpack (= 3.2.1)
      activesupport (= 3.2.1)
      rack-ssl (~> 1.3.2)
      rake (>= 0.8.7)
      rdoc (~> 3.4)
      thor (~> 0.14.6)
    raindrops (0.8.0)
    rake (0.9.2.2)
    rb-inotify (0.8.8)
      ffi (>= 0.5.0)
    rdoc (3.12)
      json (~> 1.4)
    responders (0.6.5)
    rsolr (1.0.6)
      builder (>= 2.1.2)
    rspec (2.8.0)
      rspec-core (~> 2.8.0)
      rspec-expectations (~> 2.8.0)
      rspec-mocks (~> 2.8.0)
    rspec-core (2.8.0)
    rspec-expectations (2.8.0)
      diff-lcs (~> 1.1.2)
    rspec-mocks (2.8.0)
    rspec-rails (2.8.1)
      actionpack (>= 3.0)
      activesupport (>= 3.0)
      railties (>= 3.0)
      rspec (~> 2.8.0)
    ruby-rc4 (0.1.4)
    russian (0.6.0)
      i18n (>= 0.5.0)
    ryba (0.1.2)
    sanitize (2.0.3)
      nokogiri (>= 1.4.4, < 1.6)
    sass (3.1.14)
    sass-rails (3.2.4)
      railties (~> 3.2.0)
      sass (>= 3.1.10)
      tilt (~> 1.3)
    shoulda-matchers (1.0.0)
    show_for (0.2.4)
    spork (1.0.0rc1)
    sprockets (2.1.2)
      hike (~> 1.2)
      rack (~> 1.0)
      tilt (~> 1.1, != 1.3.0)
    sqlite3 (1.3.5)
    sunspot (1.3.0)
      escape (~> 0.0.4)
      pr_geohash (~> 1.0)
      rsolr (~> 1.0.6)
    sunspot_matchers (1.3.0.1)
    sunspot_rails (1.3.0)
      nokogiri
      sunspot (= 1.3.0)
    sunspot_solr (1.3.0)
      escape (~> 0.0.4)
    therubyracer (0.9.9)
      libv8 (~> 3.3.10)
    thor (0.14.6)
    tilt (1.3.3)
    treetop (1.4.10)
      polyglot
      polyglot (>= 0.3.1)
    ttfunk (1.0.3)
    tzinfo (0.3.31)
    uglifier (1.2.3)
      execjs (>= 0.3.0)
      multi_json (>= 1.0.2)
    unicorn (4.2.0)
      kgio (~> 2.6)
      rack
      raindrops (~> 0.7)
    warden (1.1.0)
      rack (>= 1.0)
    whenever (0.7.2)
      activesupport (>= 2.3.4)
      chronic (~> 0.6.3)

PLATFORMS
  ruby

DEPENDENCIES
  ancestry
  annotate (>= 2.4.1.beta1)
  attribute_normalizer
  cancan
  compass (= 0.12.alpha.4)
  curb
  default_value_for
  el_vfs_client
  email_validator
  esp-auth
  esp-ckeditor
  esp-commons
  fabrication
  forgery
  formtastic
  guard-rspec
  guard-spork
  has_enum
  has_scope
  has_searcher
  hirb
  inherited_resources
  itslog
  jquery-rails
  kaminari
  libnotify
  nested_form!
  nokogiri
  pg
  prawn (>= 1.0.0.rc1)
  rails
  rb-inotify
  rspec-rails
  ryba
  sanitize
  shoulda-matchers
  show_for
  spork (>= 1.0.0.rc1)
  sqlite3
  sunspot_matchers
  sunspot_rails
  sunspot_solr
  therubyracer
  uglifier
  unicorn
