GIT
  remote: git://github.com/kfprimm/nested_form
  revision: 7173a71f5325a2862f83543fe9e82a4ad606ff10
  specs:
    nested_form (0.1.1)

GIT
  remote: git://github.com/pshoukry/ckeditor
  revision: d9b2ca104e8ebd91cc8eb6446ac1682c974f6af3
  specs:
    ckeditor (3.6.3)
      mime-types (~> 1.16)
      orm_adapter (~> 0.0.5)

GEM
  remote: http://rubygems.org/
  specs:
    Ascii85 (1.0.1)
    actionmailer (3.1.3)
      actionpack (= 3.1.3)
      mail (~> 2.3.0)
    actionpack (3.1.3)
      activemodel (= 3.1.3)
      activesupport (= 3.1.3)
      builder (~> 3.0.0)
      erubis (~> 2.7.0)
      i18n (~> 0.6)
      rack (~> 1.3.5)
      rack-cache (~> 1.1)
      rack-mount (~> 0.8.2)
      rack-test (~> 0.6.1)
      sprockets (~> 2.0.3)
    activemodel (3.1.3)
      activesupport (= 3.1.3)
      builder (~> 3.0.0)
      i18n (~> 0.6)
    activerecord (3.1.3)
      activemodel (= 3.1.3)
      activesupport (= 3.1.3)
      arel (~> 2.2.1)
      tzinfo (~> 0.3.29)
    activeresource (3.1.3)
      activemodel (= 3.1.3)
      activesupport (= 3.1.3)
    activesupport (3.1.3)
      multi_json (~> 1.0)
    addressable (2.2.6)
    ancestry (1.2.4)
      activerecord (>= 2.2.2)
    annotate (2.4.1.beta1)
    arel (2.2.1)
    attribute_normalizer (1.0.1)
    bcrypt-ruby (3.0.1)
    builder (3.0.0)
    cancan (1.6.7)
    chunky_png (1.2.5)
    compass (0.12.alpha.2)
      chunky_png (~> 1.2)
      fssm (>= 0.2.7)
      sass (~> 3.1)
    configliere (0.4.8)
      json
    curb (0.7.16)
    default_value_for (1.0.7)
    devise (1.5.2)
      bcrypt-ruby (~> 3.0)
      orm_adapter (~> 0.0.3)
      warden (~> 1.1)
    diff-lcs (1.1.3)
    el_vfs_client (0.1.0)
      configliere
      curb
      rails
      uuid
    email_validator (1.3.0)
      activemodel
    erubis (2.7.0)
    escape (0.0.4)
    execjs (1.2.12)
      multi_json (~> 1.0)
    fabrication (1.2.0)
    faraday (0.7.5)
      addressable (~> 2.2.6)
      multipart-post (~> 1.1.3)
      rack (>= 1.1.0, < 2)
    ffi (1.0.11)
    forgery (0.5.0)
    formtastic (2.0.2)
      rails (~> 3.0)
    fssm (0.2.7)
    guard (0.8.8)
      thor (~> 0.14.6)
    guard-rspec (0.5.9)
      guard (>= 0.8.4)
    guard-spork (0.4.1)
      guard (>= 0.8.4)
      spork (>= 0.8.4)
    has_enum (0.9.4)
      rails (> 3.0.0)
    has_scope (0.5.1)
    has_searcher (0.0.10)
      rails (> 3.0.0, < 3.2.0)
    hashie (1.2.0)
    hike (1.2.1)
    hirb (0.6.0)
    hoptoad_notifier (2.4.11)
      activesupport
      builder
    hypertemplate (1.2.1)
      json_pure
      nokogiri
    i18n (0.6.0)
    inherited_resources (1.3.0)
      has_scope (~> 0.5.0)
      responders (~> 0.6.0)
    itslog (0.6.1)
    jquery-rails (1.0.19)
      railties (~> 3.0)
      thor (~> 0.14)
    json (1.6.3)
    json_pure (1.6.3)
    kaminari (0.12.4)
      rails (>= 3.0.0)
    kgio (2.7.0)
    libnotify (0.6.0)
    libv8 (3.3.10.4)
    macaddr (1.5.0)
      systemu (>= 2.4.0)
    mail (2.3.0)
      i18n (>= 0.4.0)
      mime-types (~> 1.16)
      treetop (~> 1.4.8)
    medie (1.0.0)
      actionpack (>= 3.0.0)
      activesupport
      json_pure
      methodize
    methodize (0.2.0)
    mime-types (1.17.2)
    multi_json (1.0.4)
    multipart-post (1.1.4)
    nokogiri (1.5.0)
    oauth2 (0.5.1)
      faraday (~> 0.7.4)
      multi_json (~> 1.0.3)
    omniauth (1.0.1)
      hashie (~> 1.2)
      rack
    omniauth-oauth2 (1.0.0)
      oauth2 (~> 0.5.0)
      omniauth (~> 1.0)
    orm_adapter (0.0.5)
    pdf-reader (0.10.1)
      Ascii85 (~> 1.0.0)
    pg (0.12.0)
      rake-compiler (~> 0.7)
    polyglot (0.3.3)
    pr_geohash (1.0.0)
    prawn (1.0.0.rc1)
      pdf-reader (>= 0.9.0)
      ttfunk (~> 1.0.3)
    rack (1.3.5)
    rack-cache (1.1)
      rack (>= 0.4)
    rack-conneg (0.1.5)
      rack (>= 1.0)
    rack-mount (0.8.3)
      rack (>= 1.0.0)
    rack-ssl (1.3.2)
      rack
    rack-test (0.6.1)
      rack (>= 1.0)
    rails (3.1.3)
      actionmailer (= 3.1.3)
      actionpack (= 3.1.3)
      activerecord (= 3.1.3)
      activeresource (= 3.1.3)
      activesupport (= 3.1.3)
      bundler (~> 1.0)
      railties (= 3.1.3)
    rails-dev-tweaks (0.5.2)
      rails (~> 3.1.0)
    railties (3.1.3)
      actionpack (= 3.1.3)
      activesupport (= 3.1.3)
      rack-ssl (~> 1.3.2)
      rake (>= 0.8.7)
      rdoc (~> 3.4)
      thor (~> 0.14.6)
    raindrops (0.8.0)
    rake (0.9.2.2)
    rake-compiler (0.7.9)
      rake
    rb-inotify (0.8.8)
      ffi (>= 0.5.0)
    rdoc (3.11)
      json (~> 1.4)
    responders (0.6.4)
    respondie (0.9.0)
    restfulie (1.1.0)
      hypertemplate (~> 1.2.0)
      json_pure (>= 1.2.4)
      medie (~> 1.0.0)
      nokogiri (>= 1.4.2)
      rack-conneg
      respondie (~> 0.9.0)
    rsolr (1.0.6)
      builder (>= 2.1.2)
    rspec (2.6.0)
      rspec-core (~> 2.6.0)
      rspec-expectations (~> 2.6.0)
      rspec-mocks (~> 2.6.0)
    rspec-core (2.6.4)
    rspec-expectations (2.6.0)
      diff-lcs (~> 1.1.2)
    rspec-mocks (2.6.0)
    rspec-rails (2.6.1)
      actionpack (~> 3.0)
      activesupport (~> 3.0)
      railties (~> 3.0)
      rspec (~> 2.6.0)
    russian (0.6.0)
      i18n (>= 0.5.0)
    ryba (0.1.2)
    sanitize (2.0.3)
      nokogiri (>= 1.4.4, < 1.6)
    sass (3.1.11)
    sass-rails (3.1.5)
      actionpack (~> 3.1.0)
      railties (~> 3.1.0)
      sass (~> 3.1.10)
      tilt (~> 1.3.2)
    shoulda-matchers (1.0.0)
    show_for (0.2.4)
    simple-navigation (3.6.0)
      activesupport (>= 2.3.2)
    spork (0.9.0.rc9)
    sprockets (2.0.3)
      hike (~> 1.2)
      rack (~> 1.0)
      tilt (~> 1.1, != 1.3.0)
    sqlite3 (1.3.5)
    sso_client (0.3.3)
      configliere
      devise
      omniauth (~> 1.0.0)
      omniauth-oauth2
      rails (~> 3.1.0)
    sunspot (1.3.0)
      escape (~> 0.0.4)
      pr_geohash (~> 1.0)
      rsolr (~> 1.0.6)
    sunspot_matchers (1.3.0.1)
    sunspot_rails (1.3.0)
      nokogiri
      sunspot (= 1.3.0)
    sunspot_solr (1.3.0)
      escape (~> 0.0.4)
    systemu (2.4.2)
    therubyracer (0.9.9)
      libv8 (~> 3.3.10)
    thor (0.14.6)
    tilt (1.3.3)
    treetop (1.4.10)
      polyglot
      polyglot (>= 0.3.1)
    ttfunk (1.0.3)
    tzinfo (0.3.31)
    uglifier (1.1.0)
      execjs (>= 0.3.0)
      multi_json (>= 1.0.2)
    unicorn (4.1.1)
      kgio (~> 2.4)
      rack
      raindrops (~> 0.6)
    uuid (2.3.4)
      macaddr (~> 1.0)
    warden (1.1.0)
      rack (>= 1.0)

PLATFORMS
  ruby

DEPENDENCIES
  ancestry
  annotate (~> 2.4.1.beta1)
  attribute_normalizer
  cancan
  ckeditor!
  compass (~> 0.12.alpha.2)
  configliere
  curb
  default_value_for
  el_vfs_client
  email_validator
  fabrication
  forgery
  formtastic
  guard-rspec
  guard-spork
  has_enum
  has_searcher
  hirb
  hoptoad_notifier
  inherited_resources
  itslog
  jquery-rails
  kaminari
  libnotify
  nested_form!
  nokogiri
  pg
  prawn (~> 1.0.0.rc1)
  rails
  rails-dev-tweaks
  rb-inotify
  restfulie
  rspec-rails (~> 2.6.0)
  russian
  ryba
  sanitize
  sass-rails
  shoulda-matchers
  show_for
  simple-navigation
  spork (>= 0.9.0.rc9)
  sqlite3
  sso_client
  sunspot_matchers
  sunspot_rails
  sunspot_solr
  therubyracer
  uglifier
  unicorn
